GEM
  remote: https://rubygems.org/
  specs:
    alfred-workflow (2.0.5)
      fuzzy_match (>= 2.0.4)
      gyoku (>= 1.1.0)
      moneta (>= 0.7.19)
      nori (>= 2.3.0)
      plist (>= 3.1.0)
      terminal-notifier (>= 1.5.0)
    builder (3.2.3)
    chunky_png (1.3.8)
    fuzzy_match (2.1.0)
    gyoku (1.3.1)
      builder (>= 2.1.2)
    macaddr (1.7.1)
      systemu (~> 2.6.2)
    mini_magick (4.8.0)
    mini_portile2 (2.3.0)
    moneta (1.0.0)
    nokogiri (1.8.1)
      mini_portile2 (~> 2.3.0)
    nori (2.6.0)
    plist (3.3.0)
    qrcoder (0.1.3)
      mini_magick (>= 3.0)
      rqrcode (>= 0.4.2)
    rqrcode (0.10.1)
      chunky_png (~> 1.0)
    ruby-ole (1.2.12.1)
    spreadsheet (1.1.4)
      ruby-ole (>= 1.0)
    systemu (2.6.5)
    terminal-notifier (1.8.0)
    uuid (2.3.8)
      macaddr (~> 1.0)

PLATFORMS
  ruby

DEPENDENCIES
  alfred-workflow
  nokogiri
  plist
  qrcoder
  spreadsheet
  uuid

BUNDLED WITH
   1.14.6
